GEM
  remote: https://rubygems.org/
  specs:
    chronic_duration (0.10.6)
      numerizer (~> 0.1.1)
    commander (4.4.3)
      highline (~> 1.7.2)
    highline (1.7.8)
    numerizer (0.1.1)

PLATFORMS
  ruby

DEPENDENCIES
  chronic_duration
  commander

BUNDLED WITH
   1.15.4
