PATH
  remote: .
  specs:
    tempos-cli (0.2.1)
      chronic_duration (~> 0)
      thor (~> 0)

GEM
  remote: https://rubygems.org/
  specs:
    chronic_duration (0.10.6)
      numerizer (~> 0.1.1)
    numerizer (0.1.1)
    thor (0.20.0)

PLATFORMS
  ruby

DEPENDENCIES
  bundler (~> 1.15)
  tempos-cli!

BUNDLED WITH
   1.15.4
