GEM
  remote: https://rubygems.org/
  specs:
    chronic_duration (0.10.6)
      numerizer (~> 0.1.1)
    numerizer (0.1.1)
    thor (0.20.0)

PLATFORMS
  ruby

DEPENDENCIES
  chronic_duration
  thor

BUNDLED WITH
   1.15.4
